REDIRECTS: ON
FRAMEWORK: >= NET451
NUGET
  remote: https://www.nuget.org/api/v2
    Autofac (3.5)
    Autofac.WebApi2 (4.0.1)
      Autofac (>= 3.5 < 5.0)
      Microsoft.AspNet.WebApi.Core (>= 5.2 < 6.0)
    Microsoft.ApplicationInsights (1.2.3)
    Microsoft.ApplicationInsights.Agent.Intercept (1.2)
    Microsoft.ApplicationInsights.DependencyCollector (1.2.3)
      Microsoft.ApplicationInsights (1.2.3)
      Microsoft.ApplicationInsights.Agent.Intercept (>= 1.2)
    Microsoft.ApplicationInsights.PerfCounterCollector (1.2.3)
      Microsoft.ApplicationInsights (1.2.3)
    Microsoft.ApplicationInsights.Web (1.2.3)
      Microsoft.ApplicationInsights (1.2.3)
      Microsoft.ApplicationInsights.WindowsServer (>= 1.2.3)
    Microsoft.ApplicationInsights.WindowsServer (1.2.3)
      Microsoft.ApplicationInsights (1.2.3)
      Microsoft.ApplicationInsights.DependencyCollector (>= 1.2.3)
      Microsoft.ApplicationInsights.PerfCounterCollector (>= 1.2.3)
      Microsoft.ApplicationInsights.WindowsServer.TelemetryChannel (>= 1.2.3)
    Microsoft.ApplicationInsights.WindowsServer.TelemetryChannel (1.2.3)
      Microsoft.ApplicationInsights (1.2.3)
    Microsoft.AspNet.Razor (3.2.3)
    Microsoft.AspNet.WebApi (5.2)
      Microsoft.AspNet.WebApi.WebHost (>= 5.2 < 5.3)
    Microsoft.AspNet.WebApi.Client (5.2)
      Newtonsoft.Json (>= 4.5.11)
    Microsoft.AspNet.WebApi.Core (5.2)
      Microsoft.AspNet.WebApi.Client (>= 5.2)
    Microsoft.AspNet.WebApi.Owin (5.2)
      Microsoft.AspNet.WebApi.Core (>= 5.2 < 5.3)
      Microsoft.Owin (>= 2.0.2)
      Owin (>= 1.0)
    Microsoft.AspNet.WebApi.WebHost (5.2)
      Microsoft.AspNet.WebApi.Core (>= 5.2 < 5.3)
    Microsoft.CodeDom.Providers.DotNetCompilerPlatform (1.0)
      Microsoft.Net.Compilers (>= 1.0)
    Microsoft.Net.Compilers (1.0)
    Microsoft.Owin (3.1)
      Owin (>= 1.0)
    Microsoft.Owin.Host.SystemWeb (3.1)
      Microsoft.Owin (>= 3.1)
      Owin (>= 1.0)
    Newtonsoft.Json (10.0.2)
    Owin (1.0)
    RazorEngine (3.9.3)
      Microsoft.AspNet.Razor (>= 3.0)
    WebApiContrib.Formatting.Html (2.0)
      Microsoft.AspNet.WebApi.Core (>= 5.0)
    WebApiContrib.Formatting.Razor (2.3)
      RazorEngine (>= 3.3)
      WebApiContrib.Formatting.Html (>= 2.0)
