REDIRECTS: ON
FRAMEWORK: >= NET451
NUGET
  remote: https://www.nuget.org/api/v2
    Autofac (3.5)
    Autofac.WebApi2 (4.0.1)
      Autofac (>= 3.5 < 5.0)
      Microsoft.AspNet.WebApi.Core (>= 5.2 < 6.0)
    AutoFixture (3.50.2)
    AutoFixture.AutoMoq (3.50.2)
      AutoFixture (>= 3.50.2)
      Moq (>= 4.1.1308.2120)
    Castle.Core (4.0)
    Dapper (1.50.2)
    dbup (3.3.5)
    Microsoft.AspNet.Razor (3.2.3)
    Microsoft.AspNet.WebApi (5.2)
      Microsoft.AspNet.WebApi.WebHost (>= 5.2 < 5.3)
    Microsoft.AspNet.WebApi.Client (5.2)
      Newtonsoft.Json (>= 4.5.11)
    Microsoft.AspNet.WebApi.Core (5.2)
      Microsoft.AspNet.WebApi.Client (>= 5.2)
    Microsoft.AspNet.WebApi.Owin (5.2)
      Microsoft.AspNet.WebApi.Core (>= 5.2 < 5.3)
      Microsoft.Owin (>= 2.0.2)
      Owin (>= 1.0)
    Microsoft.AspNet.WebApi.WebHost (5.2)
      Microsoft.AspNet.WebApi.Core (>= 5.2 < 5.3)
    Microsoft.CodeDom.Providers.DotNetCompilerPlatform (1.0)
      Microsoft.Net.Compilers (>= 1.0)
    Microsoft.Net.Compilers (1.0)
    Microsoft.Owin (3.1)
      Owin (>= 1.0)
    Microsoft.Owin.Host.SystemWeb (3.1)
      Microsoft.Owin (>= 3.1)
      Owin (>= 1.0)
    Moq (4.7.10)
      Castle.Core (>= 4.0)
    Newtonsoft.Json (10.0.2)
    NUnit (3.6.1)
      NETStandard.Library (>= 1.6) - framework: >= net463
      System.Runtime.Loader (>= 4.0) - framework: >= net463
    Owin (1.0)
    RazorEngine (3.9.3)
      Microsoft.AspNet.Razor (>= 3.0)
    System.Net.Http (4.3.2) - framework: >= net463
      System.Security.Cryptography.X509Certificates (>= 4.3) - framework: >= net46
    WebApiContrib.Formatting.Html (2.0)
      Microsoft.AspNet.WebApi.Core (>= 5.0)
    WebApiContrib.Formatting.Razor (2.3)
      RazorEngine (>= 3.3)
      WebApiContrib.Formatting.Html (>= 2.0)
  remote: https://dotnet.myget.org/F/dotnet-core
    Microsoft.Win32.Primitives (4.3.0) - framework: >= net463
    NETStandard.Library (1.6.1) - framework: >= net463
      Microsoft.Win32.Primitives (>= 4.3) - framework: >= net46
      System.AppContext (>= 4.3) - framework: >= net46
      System.Collections.Concurrent (>= 4.3)
      System.Console (>= 4.3) - framework: >= net46
      System.Diagnostics.Tracing (>= 4.3)
      System.Globalization.Calendars (>= 4.3) - framework: >= net46
      System.IO.Compression (>= 4.3)
      System.IO.Compression.ZipFile (>= 4.3) - framework: >= net46
      System.IO.FileSystem (>= 4.3) - framework: >= net46
      System.IO.FileSystem.Primitives (>= 4.3) - framework: >= net46
      System.Net.Http (>= 4.3)
      System.Net.Sockets (>= 4.3) - framework: >= net46
      System.Runtime.Handles (>= 4.3) - framework: >= net46
      System.Runtime.InteropServices (>= 4.3)
      System.Runtime.InteropServices.RuntimeInformation (>= 4.3)
      System.Runtime.Numerics (>= 4.3)
      System.Security.Cryptography.Algorithms (>= 4.3) - framework: >= net46
      System.Security.Cryptography.Encoding (>= 4.3) - framework: >= net46
      System.Security.Cryptography.Primitives (>= 4.3) - framework: >= net46
      System.Security.Cryptography.X509Certificates (>= 4.3) - framework: >= net46
      System.Threading.Timer (>= 4.3)
    System.AppContext (4.3.0) - framework: >= net463
    System.Collections.Concurrent (4.3.0) - framework: >= net463
    System.Console (4.3.0) - framework: >= net463
    System.Diagnostics.Tracing (4.3.0) - framework: >= net463
    System.Globalization.Calendars (4.3.0) - framework: >= net463
    System.IO (4.3.0) - framework: >= net463
    System.IO.Compression (4.3.0) - framework: >= net463
    System.IO.Compression.ZipFile (4.3.0) - framework: >= net463
    System.IO.FileSystem (4.3.0) - framework: >= net463
      System.IO.FileSystem.Primitives (>= 4.3) - framework: >= net46
    System.IO.FileSystem.Primitives (4.3.0)
    System.Net.Sockets (4.3.0) - framework: >= net463
    System.Runtime (4.3.0)
    System.Runtime.Handles (4.3.0) - framework: >= net463
    System.Runtime.InteropServices (4.3.0) - framework: >= net463
      System.Runtime (>= 4.3) - framework: >= net462
    System.Runtime.InteropServices.RuntimeInformation (4.3.0) - framework: >= net463
    System.Runtime.Loader (4.3.0) - framework: >= net463
    System.Runtime.Numerics (4.3.0) - framework: >= net463
    System.Security.Cryptography.Algorithms (4.3.0)
      System.IO (>= 4.3) - framework: >= net463
      System.Runtime (>= 4.3) - framework: >= net463
      System.Security.Cryptography.Encoding (>= 4.3) - framework: >= net463
      System.Security.Cryptography.Primitives (>= 4.3) - framework: net46, net461, >= net463
    System.Security.Cryptography.Encoding (4.3.0)
    System.Security.Cryptography.Primitives (4.3.0)
    System.Security.Cryptography.X509Certificates (4.3.0)
      System.Security.Cryptography.Algorithms (>= 4.3) - framework: >= net46
      System.Security.Cryptography.Encoding (>= 4.3) - framework: >= net46
    System.Threading.Timer (4.3.0) - framework: >= net463
