FRAMEWORK: >= NET451
NUGET
  remote: https://www.nuget.org/api/v2
    Microsoft.ApplicationInsights (1.2.3)
    Microsoft.ApplicationInsights.Agent.Intercept (1.2)
    Microsoft.ApplicationInsights.DependencyCollector (1.2.3)
      Microsoft.ApplicationInsights (1.2.3)
      Microsoft.ApplicationInsights.Agent.Intercept (>= 1.2)
    Microsoft.ApplicationInsights.JavaScript (0.15.0-build58334)
    Microsoft.ApplicationInsights.PerfCounterCollector (1.2.3)
      Microsoft.ApplicationInsights (1.2.3)
    Microsoft.ApplicationInsights.Web (1.2.3)
      Microsoft.ApplicationInsights (1.2.3)
      Microsoft.ApplicationInsights.WindowsServer (>= 1.2.3)
    Microsoft.ApplicationInsights.WindowsServer (1.2.3)
      Microsoft.ApplicationInsights (1.2.3)
      Microsoft.ApplicationInsights.DependencyCollector (>= 1.2.3)
      Microsoft.ApplicationInsights.PerfCounterCollector (>= 1.2.3)
      Microsoft.ApplicationInsights.WindowsServer.TelemetryChannel (>= 1.2.3)
    Microsoft.ApplicationInsights.WindowsServer.TelemetryChannel (1.2.3)
      Microsoft.ApplicationInsights (1.2.3)
    Microsoft.CodeDom.Providers.DotNetCompilerPlatform (1.0)
      Microsoft.Net.Compilers (>= 1.0)
    Microsoft.Net.Compilers (1.0)
